PATH
  remote: .
  specs:
    mina_maintenance (0.0.1)
      mina

GEM
  remote: https://rubygems.org/
  specs:
    mina (0.3.1)
      open4 (~> 1.3.4)
      rake
    open4 (1.3.4)
    rake (10.4.2)

PLATFORMS
  ruby

DEPENDENCIES
  mina_maintenance!
